GEM
  remote: https://rubygems.org/
  specs:
    ffi (1.9.3)
    ffi-pcap (0.2.1)
      ffi (~> 1.0)
      ffi_dry (~> 0.1.12)
    ffi_dry (0.1.12)
      ffi (>= 0.5.0)
    idevice (1.1.5.5)
      ffi
      plist
    plist (3.1.0)
    rbkb (0.7.0)
    rstruct (0.1.4)

PLATFORMS
  ruby

DEPENDENCIES
  ffi-pcap
  idevice
  rbkb (>= 0.7.0)
  rstruct
